PATH
  remote: .
  specs:
    cloudtest (0.1.1)

GEM
  remote: https://rubygems.org/
  specs:
    addressable (2.6.0)
      public_suffix (>= 2.0.2, < 4.0)
    capybara (2.12.0)
      addressable
      mime-types (>= 1.16)
      nokogiri (>= 1.3.3)
      rack (>= 1.0.0)
      rack-test (>= 0.5.4)
      xpath (~> 2.0)
    childprocess (1.0.1)
      rake (< 13.0)
    mime-types (3.1)
      mime-types-data (~> 3.2015)
    mime-types-data (3.2016.0521)
    mini_portile2 (2.4.0)
    minitest (5.11.3)
    nokogiri (1.10.3)
      mini_portile2 (~> 2.4.0)
    public_suffix (3.1.0)
    rack (1.6.5)
    rack-test (0.6.3)
      rack (>= 1.0)
    rake (10.5.0)
    rubyzip (1.2.3)
    selenium-webdriver (3.142.3)
      childprocess (>= 0.5, < 2.0)
      rubyzip (~> 1.2, >= 1.2.2)
    xpath (2.0.0)
      nokogiri (~> 1.3)

PLATFORMS
  ruby

DEPENDENCIES
  bundler (~> 2.0)
  capybara
  cloudtest!
  minitest (~> 5.0)
  rake (~> 10.0)
  selenium-webdriver

BUNDLED WITH
   2.0.1
